GEM
  remote: https://rubygems.org/
  specs:
    area (0.10.0)
      fastercsv (~> 1.5)
    coderay (1.1.2)
    colorize (0.8.1)
    diff-lcs (1.3)
    fastercsv (1.5.5)
    method_source (0.9.0)
    mini_portile2 (2.3.0)
    nokogiri (1.8.2)
      mini_portile2 (~> 2.3.0)
    pry (0.11.3)
      coderay (~> 1.1.0)
      method_source (~> 0.9.0)
    require_all (1.5.0)
    rspec (3.7.0)
      rspec-core (~> 3.7.0)
      rspec-expectations (~> 3.7.0)
      rspec-mocks (~> 3.7.0)
    rspec-core (3.7.1)
      rspec-support (~> 3.7.0)
    rspec-expectations (3.7.0)
      diff-lcs (>= 1.2.0, < 2.0)
      rspec-support (~> 3.7.0)
    rspec-mocks (3.7.0)
      diff-lcs (>= 1.2.0, < 2.0)
      rspec-support (~> 3.7.0)
    rspec-support (3.7.1)
    table_print (1.5.6)

PLATFORMS
  ruby

DEPENDENCIES
  area
  colorize
  nokogiri
  pry
  require_all
  rspec
  table_print

BUNDLED WITH
   1.16.0
